PATH
  remote: .
  specs:
    mscan (0.2.2)
      activesupport
      configuration (~> 1.3.2)
      yajl-ruby

GEM
  remote: https://rubygems.org/
  specs:
    activesupport (3.2.11)
      i18n (~> 0.6)
      multi_json (~> 1.0)
    coderay (1.0.8)
    configuration (1.3.2)
    diff-lcs (1.1.3)
    fakefs (0.4.2)
    i18n (0.6.1)
    method_source (0.8.1)
    multi_json (1.5.0)
    pry (0.9.11.4)
      coderay (~> 1.0.5)
      method_source (~> 0.8)
      slop (~> 3.4)
    rake (10.0.3)
    redcarpet (2.1.1)
    rspec (2.12.0)
      rspec-core (~> 2.12.0)
      rspec-expectations (~> 2.12.0)
      rspec-mocks (~> 2.12.0)
    rspec-core (2.12.2)
    rspec-expectations (2.12.1)
      diff-lcs (~> 1.1.3)
    rspec-mocks (2.12.1)
    simplecov (0.7.1)
      multi_json (~> 1.0)
      simplecov-html (~> 0.7.1)
    simplecov-html (0.7.1)
    slop (3.4.3)
    timecop (0.5.9.1)
    yajl-ruby (1.1.0)
    yard (0.8.3)

PLATFORMS
  ruby

DEPENDENCIES
  fakefs
  mscan!
  pry
  rake
  redcarpet (= 2.1.1)
  rspec
  simplecov
  timecop
  yard
