PATH
  remote: .
  specs:
    mscan (0.1.4)
      active_support
      configuration (~> 1.3.2)
      yajl-ruby

GEM
  remote: https://rubygems.org/
  specs:
    active_support (3.0.0)
      activesupport (= 3.0.0)
    activesupport (3.0.0)
    coderay (1.0.6)
    configuration (1.3.2)
    diff-lcs (1.1.3)
    fakefs (0.4.0)
    method_source (0.7.1)
    multi_json (1.3.6)
    pry (0.9.9.6)
      coderay (~> 1.0.5)
      method_source (~> 0.7.1)
      slop (>= 2.4.4, < 3)
    rake (0.9.2.2)
    redcarpet (2.1.1)
    rspec (2.10.0)
      rspec-core (~> 2.10.0)
      rspec-expectations (~> 2.10.0)
      rspec-mocks (~> 2.10.0)
    rspec-core (2.10.1)
    rspec-expectations (2.10.0)
      diff-lcs (~> 1.1.3)
    rspec-mocks (2.10.1)
    simplecov (0.6.4)
      multi_json (~> 1.0)
      simplecov-html (~> 0.5.3)
    simplecov-html (0.5.3)
    slop (2.4.4)
    timecop (0.3.5)
    yajl-ruby (1.1.0)
    yard (0.8.1)

PLATFORMS
  ruby

DEPENDENCIES
  fakefs
  mscan!
  pry
  rake
  redcarpet (= 2.1.1)
  rspec
  simplecov
  timecop
  yard
